GEM
  remote: https://rubygems.org/
  specs:
    activesupport (3.2.8)
      i18n (~> 0.6)
      multi_json (~> 1.0)
    awesome_print (1.0.2)
    coderay (1.0.7)
    eat (0.1.8)
      httpclient
    engineyard-metadata (0.2.5)
      activesupport (>= 2.3.4)
      eat (>= 0.0.5)
      nap (>= 0.4)
    hashie (1.2.0)
    httpclient (2.2.6)
    i18n (0.6.0)
    method_source (0.8)
    multi_json (1.3.6)
    nap (0.5.1)
    net-ssh (2.5.2)
    pry (0.9.10)
      coderay (~> 1.0.5)
      method_source (~> 0.8)
      slop (~> 3.3.1)
    rake (0.9.2.2)
    slop (3.3.2)
    trollop (2.0)

PLATFORMS
  ruby

DEPENDENCIES
  awesome_print
  engineyard-metadata
  hashie
  net-ssh
  pry
  rake
  trollop
